PATH
  remote: .
  specs:
    intercom (4.2.0)

GEM
  remote: http://rubygems.org/
  specs:
    addressable (2.8.7)
      public_suffix (>= 2.0.2, < 7.0)
    bigdecimal (3.1.9)
    coderay (1.1.3)
    crack (1.0.0)
      bigdecimal
      rexml
    fakeweb (1.3.0)
    gem-release (2.2.4)
    hashdiff (1.1.2)
    m (1.5.1)
      method_source (>= 0.6.7)
      rake (>= 0.9.2.2)
    method_source (1.1.0)
    minitest (5.25.5)
    mocha (1.16.1)
    pry (0.15.2)
      coderay (~> 1.1)
      method_source (~> 1.0)
    public_suffix (6.0.1)
    rake (10.5.0)
    rexml (3.4.1)
    webmock (3.25.1)
      addressable (>= 2.8.0)
      crack (>= 0.3.2)
      hashdiff (>= 0.4.0, < 2.0.0)

PLATFORMS
  arm64-darwin-24

DEPENDENCIES
  fakeweb (~> 1.3)
  gem-release
  intercom!
  jruby-openssl
  m (~> 1.5.0)
  minitest (~> 5.4)
  mocha (~> 1.0)
  pry
  rake (~> 10.3)
  webmock

BUNDLED WITH
   2.4.22
